GEM
  remote: https://rubygems.org/
  specs: 'github-pages'

PLATFORMS
  ruby

DEPENDENCIES

BUNDLED WITH
   1.17.2
